GIT
  remote: https://github.com/Skulli/edifact_tools.git
  revision: 6d437cff4c2bd2f243cc2fd381028a1dce913bd2
  specs:
    edifact_tools (0.1.0)

PATH
  remote: .
  specs:
    ruby_gkv_billing (0.1.0)
      nokogiri
      openssl (>= 2.1)

GEM
  remote: https://rubygems.org/
  specs:
    diff-lcs (1.3)
    mini_portile2 (2.4.0)
    nokogiri (1.10.9)
      mini_portile2 (~> 2.4.0)
    openssl (2.2.0)
    rake (10.5.0)
    rspec (3.8.0)
      rspec-core (~> 3.8.0)
      rspec-expectations (~> 3.8.0)
      rspec-mocks (~> 3.8.0)
    rspec-core (3.8.2)
      rspec-support (~> 3.8.0)
    rspec-expectations (3.8.4)
      diff-lcs (>= 1.2.0, < 2.0)
      rspec-support (~> 3.8.0)
    rspec-mocks (3.8.1)
      diff-lcs (>= 1.2.0, < 2.0)
      rspec-support (~> 3.8.0)
    rspec-support (3.8.2)

PLATFORMS
  ruby

DEPENDENCIES
  bundler (~> 2.0)
  edifact_tools!
  rake (~> 10.0)
  rspec (~> 3.0)
  ruby_gkv_billing!

BUNDLED WITH
   2.0.1
